GIT
  remote: https://github.com/coinbase/temporal-ruby
  revision: d75dfee99c6555950a482860a02b04b150b1de49
  branch: master
  specs:
    temporal-ruby (0.1.0)
      grpc
      oj

GEM
  remote: https://rubygems.org/
  specs:
    addressable (2.8.5)
      public_suffix (>= 2.0.2, < 6.0)
    base64 (0.1.1)
    dotenv (2.8.1)
    faraday (2.7.11)
      base64
      faraday-net_http (>= 2.0, < 3.1)
      ruby2_keywords (>= 0.0.4)
    faraday-net_http (3.0.2)
    google-protobuf (3.24.3-arm64-darwin)
    google-protobuf (3.24.3-x86_64-linux)
    googleapis-common-protos-types (1.9.0)
      google-protobuf (~> 3.18)
    grpc (1.58.0)
      google-protobuf (~> 3.23)
      googleapis-common-protos-types (~> 1.0)
    grpc (1.58.0-x86_64-linux)
      google-protobuf (~> 3.23)
      googleapis-common-protos-types (~> 1.0)
    json (2.6.3)
    licensed (4.4.0)
      json (~> 2.6)
      licensee (~> 9.16)
      parallel (~> 1.22)
      pathname-common_prefix (~> 0.0.1)
      reverse_markdown (~> 2.1)
      ruby-xxHash (~> 0.4.0)
      thor (~> 1.2)
      tomlrb (~> 2.0)
    licensee (9.16.0)
      dotenv (~> 2.0)
      octokit (>= 4.20, < 7.0)
      reverse_markdown (>= 1, < 3)
      rugged (>= 0.24, < 2.0)
      thor (>= 0.19, < 2.0)
    nokogiri (1.15.4-arm64-darwin)
      racc (~> 1.4)
    nokogiri (1.15.4-x86_64-linux)
      racc (~> 1.4)
    octokit (6.1.1)
      faraday (>= 1, < 3)
      sawyer (~> 0.9)
    oj (3.16.1)
    parallel (1.23.0)
    pathname-common_prefix (0.0.1)
    public_suffix (5.0.3)
    racc (1.7.1)
    reverse_markdown (2.1.1)
      nokogiri
    ruby-xxHash (0.4.0.2)
    ruby2_keywords (0.0.5)
    rugged (1.7.1)
    sawyer (0.9.2)
      addressable (>= 2.3.5)
      faraday (>= 0.17.3, < 3)
    thor (1.2.2)
    tomlrb (2.0.3)

PLATFORMS
  arm64-darwin-22
  x86_64-linux

DEPENDENCIES
  licensed
  temporal-ruby (~> 0.0)!

RUBY VERSION
   ruby 3.2.1p31

BUNDLED WITH
   2.4.6
